GEM
  remote: https://rubygems.org/
  specs:
    mp3info (0.8.5)
      ruby-mp3info (>= 0.8.5)
    ruby-mp3info (0.8.10)
    ruby-progressbar (1.11.0)

PLATFORMS
  ruby

DEPENDENCIES
  mp3info
  ruby-progressbar

BUNDLED WITH
   2.2.15
