GEM
  remote: https://rubygems.org/
  specs:
    addressable (2.8.0)
      public_suffix (>= 2.0.2, < 5.0)
    ast (2.4.2)
    did_you_mean (2.0.0)
    m3u8 (0.8.2)
    mini_portile2 (2.8.8)
    mp3info (0.8.5)
      ruby-mp3info (>= 0.8.5)
    nokogiri (1.17.2)
      mini_portile2 (~> 2.8.2)
      racc (~> 1.4)
    parallel (1.21.0)
    parser (3.0.2.0)
      ast (~> 2.4.1)
    pastel (0.8.0)
      tty-color (~> 0.5)
    public_suffix (4.0.6)
    racc (1.8.1)
    rainbow (3.0.0)
    regexp_parser (2.1.1)
    rexml (3.3.9)
    rubocop (1.22.3)
      parallel (~> 1.10)
      parser (>= 3.0.0.0)
      rainbow (>= 2.2.2, < 4.0)
      regexp_parser (>= 1.8, < 3.0)
      rexml
      rubocop-ast (>= 1.12.0, < 2.0)
      ruby-progressbar (~> 1.7)
      unicode-display_width (>= 1.4.0, < 3.0)
    rubocop-ast (1.13.0)
      parser (>= 3.0.1.1)
    ruby-mp3info (0.8.10)
    ruby-progressbar (1.11.0)
    stringex (2.8.6)
    strings-ansi (0.2.0)
    tty-color (0.6.0)
    tty-cursor (0.7.1)
    tty-progressbar (0.18.3)
      strings-ansi (~> 0.2)
      tty-cursor (~> 0.7)
      tty-screen (~> 0.8)
      unicode-display_width (>= 1.6, < 3.0)
    tty-prompt (0.23.1)
      pastel (~> 0.8)
      tty-reader (~> 0.8)
    tty-reader (0.9.0)
      tty-cursor (~> 0.7)
      tty-screen (~> 0.8)
      wisper (~> 2.0)
    tty-screen (0.8.2)
    unicode-display_width (2.1.0)
    wisper (2.0.1)
    zip (2.0.2)

PLATFORMS
  ruby

DEPENDENCIES
  addressable
  did_you_mean (>= 1.5)
  m3u8
  mp3info
  nokogiri
  pastel
  rubocop
  stringex
  tty-progressbar
  tty-prompt
  zip

BUNDLED WITH
   2.6.1
